GEM
  remote: https://rubygems.org/
  specs:
    puma (3.2.0)
    rack (1.6.4)
    redis (3.2.2)

PLATFORMS
  ruby

DEPENDENCIES
  puma
  rack
  redis

BUNDLED WITH
   1.11.2
